GIT
  remote: https://github.com/openSUSE/obs_deploy.git
  revision: 56d8210a4777c5827e7a9d9540b5a64291cad116
  specs:
    obs_deploy (0.4.1)
      cheetah
      dry-cli
      git_diff_parser
      nokogiri

GIT
  remote: https://github.com/openSUSE/obs_github_deployments.git
  revision: df3a9893c06039b9abd1fe1f6950a9a271e8411c
  specs:
    obs_github_deployments (0.1.0)
      activesupport
      dry-cli (>= 0.6, < 2.0)
      octokit (>= 4.22, < 9.0)
      zeitwerk (~> 2.4)

GEM
  remote: https://rubygems.org/
  specs:
    abstract_method (1.2.1)
    activesupport (7.1.3.2)
      base64
      bigdecimal
      concurrent-ruby (~> 1.0, >= 1.0.2)
      connection_pool (>= 2.2.5)
      drb
      i18n (>= 1.6, < 2)
      minitest (>= 5.1)
      mutex_m
      tzinfo (~> 2.0)
    addressable (2.8.6)
      public_suffix (>= 2.0.2, < 6.0)
    base64 (0.2.0)
    bigdecimal (3.1.6)
    cheetah (1.0.0)
      abstract_method (~> 1.2)
    concurrent-ruby (1.2.3)
    connection_pool (2.4.1)
    dotenv (3.1.0)
    drb (2.2.1)
    dry-cli (1.0.0)
    faraday (2.9.0)
      faraday-net_http (>= 2.0, < 3.2)
    faraday-net_http (3.1.0)
      net-http
    git_diff_parser (4.0.0)
    i18n (1.14.4)
      concurrent-ruby (~> 1.0)
    mini_portile2 (2.8.8)
    minitest (5.22.2)
    mutex_m (0.2.0)
    net-http (0.4.1)
      uri
    nokogiri (1.18.4)
      mini_portile2 (~> 2.8.2)
      racc (~> 1.4)
    octokit (8.1.0)
      base64
      faraday (>= 1, < 3)
      sawyer (~> 0.9)
    public_suffix (5.0.4)
    racc (1.8.1)
    sawyer (0.9.2)
      addressable (>= 2.3.5)
      faraday (>= 0.17.3, < 3)
    tzinfo (2.0.6)
      concurrent-ruby (~> 1.0)
    uri (0.13.2)
    zeitwerk (2.6.13)

PLATFORMS
  ruby

DEPENDENCIES
  dotenv
  obs_deploy!
  obs_github_deployments!

BUNDLED WITH
   2.2.21
